PATH
  remote: .
  specs:
    simple-client (0.0.3)

GEM
  remote: http://rubygems.org/
  specs:
    addressable (2.2.8)
    crack (0.4.3)
      safe_yaml (~> 1.0.0)
    rake (0.9.2.2)
    safe_yaml (1.0.5)
    webmock (1.8.8)
      addressable (~> 2.2.8)
      crack (>= 0.1.7)

PLATFORMS
  ruby

DEPENDENCIES
  jruby-openssl (~> 0.7.7)
  rake
  simple-client!
  webmock
